PATH
  remote: .
  specs:
    pixelchart (1.1.0)
      docopt (~> 0.6)
      paint (~> 2.2)
      rmagick (~> 4.1)
      ruby-vips (~> 2.0)

GEM
  remote: https://rubygems.org/
  specs:
    ast (2.4.2)
    commonmarker (0.23.6)
    docopt (0.6.1)
    ffi (1.15.4)
    json (2.6.2)
    minitest (5.16.3)
    paint (2.3.0)
    parallel (1.22.1)
    parser (3.1.2.1)
      ast (~> 2.4.1)
    rainbow (3.1.1)
    rake (13.0.6)
    regexp_parser (2.5.0)
    rexml (3.2.5)
    rmagick (4.3.0)
    rubocop (1.36.0)
      json (~> 2.3)
      parallel (~> 1.10)
      parser (>= 3.1.2.1)
      rainbow (>= 2.2.2, < 4.0)
      regexp_parser (>= 1.8, < 3.0)
      rexml (>= 3.2.5, < 4.0)
      rubocop-ast (>= 1.20.1, < 2.0)
      ruby-progressbar (~> 1.7)
      unicode-display_width (>= 1.4.0, < 3.0)
    rubocop-ast (1.21.0)
      parser (>= 3.1.1.0)
    ruby-progressbar (1.11.0)
    ruby-vips (2.1.4)
      ffi (~> 1.12)
    unicode-display_width (2.2.0)
    webrick (1.7.0)
    yard (0.9.28)
      webrick (~> 1.7.0)

PLATFORMS
  ruby

DEPENDENCIES
  bundler (~> 2.1)
  commonmarker (~> 0.23)
  docopt (~> 0.6)
  minitest (~> 5.16)
  paint (~> 2.3)
  pixelchart!
  rake (~> 13.0)
  rmagick (~> 4.3)
  rubocop (~> 1.36)
  ruby-vips (~> 2.0)
  yard (>= 0.9.27, < 0.10)

BUNDLED WITH
   2.3.6
