PATH
  remote: .
  specs:
    pixelchart (1.1.0)
      docopt (~> 0.6)
      paint (~> 2.2)
      rmagick (>= 4.1, < 6.0)
      ruby-vips (~> 2.0)

GEM
  remote: https://rubygems.org/
  specs:
    ast (2.4.2)
    commonmarker (0.23.8)
    docopt (0.6.1)
    ffi (1.15.5)
    json (2.6.3)
    minitest (5.18.0)
    paint (2.3.0)
    parallel (1.22.1)
    parser (3.2.1.0)
      ast (~> 2.4.1)
    pkg-config (1.5.1)
    rainbow (3.1.1)
    rake (13.0.6)
    regexp_parser (2.7.0)
    rexml (3.2.5)
    rmagick (5.1.0)
      pkg-config (~> 1.4)
    rubocop (1.48.0)
      json (~> 2.3)
      parallel (~> 1.10)
      parser (>= 3.2.0.0)
      rainbow (>= 2.2.2, < 4.0)
      regexp_parser (>= 1.8, < 3.0)
      rexml (>= 3.2.5, < 4.0)
      rubocop-ast (>= 1.26.0, < 2.0)
      ruby-progressbar (~> 1.7)
      unicode-display_width (>= 2.4.0, < 3.0)
    rubocop-ast (1.27.0)
      parser (>= 3.2.1.0)
    ruby-progressbar (1.13.0)
    ruby-vips (2.1.4)
      ffi (~> 1.12)
    unicode-display_width (2.4.2)
    webrick (1.7.0)
    yard (0.9.28)
      webrick (~> 1.7.0)

PLATFORMS
  ruby

DEPENDENCIES
  bundler (~> 2.1)
  commonmarker (~> 0.23)
  docopt (~> 0.6)
  minitest (~> 5.18)
  paint (~> 2.3)
  pixelchart!
  rake (~> 13.0)
  rmagick (~> 5.1)
  rubocop (~> 1.48)
  ruby-vips (~> 2.0)
  yard (>= 0.9.27, < 0.10)

BUNDLED WITH
   2.3.6
