PATH
  remote: .
  specs:
    pixelchart (1.2.0)
      docopt (~> 0.6)
      paint (~> 2.2)
      rmagick (>= 4.1, < 7.0)
      ruby-vips (~> 2.0)

GEM
  remote: https://rubygems.org/
  specs:
    ast (2.4.2)
    commonmarker (0.23.11)
    docopt (0.6.1)
    ffi (1.17.1)
    ffi (1.17.1-aarch64-linux-gnu)
    ffi (1.17.1-aarch64-linux-musl)
    ffi (1.17.1-arm-linux-gnu)
    ffi (1.17.1-arm-linux-musl)
    ffi (1.17.1-arm64-darwin)
    ffi (1.17.1-x86-linux-gnu)
    ffi (1.17.1-x86-linux-musl)
    ffi (1.17.1-x86_64-darwin)
    ffi (1.17.1-x86_64-linux-gnu)
    ffi (1.17.1-x86_64-linux-musl)
    json (2.9.1)
    language_server-protocol (3.17.0.3)
    logger (1.6.5)
    minitest (5.25.4)
    observer (0.1.2)
    paint (2.3.0)
    parallel (1.26.3)
    parser (3.3.7.0)
      ast (~> 2.4.1)
      racc
    pkg-config (1.5.9)
    racc (1.8.1)
    rainbow (3.1.1)
    rake (13.2.1)
    regexp_parser (2.10.0)
    rmagick (6.1.0)
      observer (~> 0.1)
      pkg-config (~> 1.4)
    rubocop (1.71.0)
      json (~> 2.3)
      language_server-protocol (>= 3.17.0)
      parallel (~> 1.10)
      parser (>= 3.3.0.2)
      rainbow (>= 2.2.2, < 4.0)
      regexp_parser (>= 2.9.3, < 3.0)
      rubocop-ast (>= 1.36.2, < 2.0)
      ruby-progressbar (~> 1.7)
      unicode-display_width (>= 2.4.0, < 4.0)
    rubocop-ast (1.37.0)
      parser (>= 3.3.1.0)
    ruby-progressbar (1.13.0)
    ruby-vips (2.2.2)
      ffi (~> 1.12)
      logger
    unicode-display_width (3.1.4)
      unicode-emoji (~> 4.0, >= 4.0.4)
    unicode-emoji (4.0.4)
    yard (0.9.37)

PLATFORMS
  aarch64-linux-gnu
  aarch64-linux-musl
  arm-linux-gnu
  arm-linux-musl
  arm64-darwin
  ruby
  x86-linux-gnu
  x86-linux-musl
  x86_64-darwin
  x86_64-linux-gnu
  x86_64-linux-musl

DEPENDENCIES
  bundler (~> 2.1)
  commonmarker (~> 0.23)
  docopt (~> 0.6)
  minitest (~> 5.25)
  paint (~> 2.3)
  pixelchart!
  rake (~> 13.2)
  rmagick (~> 6.0)
  rubocop (~> 1.66)
  ruby-vips (~> 2.2)
  yard (>= 0.9.27, < 0.10)

BUNDLED WITH
   2.6.3
