PATH
  remote: .
  specs:
    pixelchart (1.0.2)
      docopt (~> 0.6)
      paint (~> 2.2)
      rmagick (~> 4.1)
      ruby-vips (~> 2.0)

GEM
  remote: https://rubygems.org/
  specs:
    ast (2.4.1)
    commonmarker (0.21.0)
      ruby-enum (~> 0.5)
    concurrent-ruby (1.1.6)
    docopt (0.6.1)
    ffi (1.12.2)
    github-markup (3.0.4)
    i18n (1.8.2)
      concurrent-ruby (~> 1.0)
    minitest (5.14.3)
    paint (2.2.1)
    parallel (1.19.2)
    parser (2.7.1.4)
      ast (~> 2.4.1)
    rainbow (3.0.0)
    rake (13.0.1)
    redcarpet (3.5.0)
    regexp_parser (1.7.1)
    rexml (3.2.4)
    rmagick (4.1.2)
    rubocop (0.88.0)
      parallel (~> 1.10)
      parser (>= 2.7.1.1)
      rainbow (>= 2.2.2, < 4.0)
      regexp_parser (>= 1.7)
      rexml
      rubocop-ast (>= 0.1.0, < 1.0)
      ruby-progressbar (~> 1.7)
      unicode-display_width (>= 1.4.0, < 2.0)
    rubocop-ast (0.1.0)
      parser (>= 2.7.0.1)
    ruby-enum (0.8.0)
      i18n
    ruby-progressbar (1.10.1)
    ruby-vips (2.0.17)
      ffi (~> 1.9)
    unicode-display_width (1.7.0)
    yard (0.9.25)

PLATFORMS
  ruby

DEPENDENCIES
  bundler (~> 2.1)
  commonmarker (~> 0.21)
  github-markup (~> 3.0)
  minitest (~> 5.12)
  pixelchart!
  rake (~> 13.0)
  redcarpet (~> 3.5)
  rubocop (~> 0.80)
  yard (~> 0.9)

BUNDLED WITH
   2.1.4
